PATH
  remote: .
  specs:
    rapid-schema-parser (0.0.0.dev)
      json
      rapid (>= 1.2.2, < 2.0)

GEM
  remote: https://rubygems.org/
  remote: https://rubygems.pkg.github.com/krystal/
  specs:
    json (2.5.1)
    rack (2.2.3)
    rapid (1.2.2)
      json
      rack

PLATFORMS
  ruby

DEPENDENCIES
  rapid!
  rapid-schema-parser!

BUNDLED WITH
   2.1.4
